PATH
  remote: .
  specs:
    biblio-domain (0.1.0)
      dry-equalizer
      dry-initializer

GEM
  remote: https://rubygems.org/
  specs:
    ast (2.4.1)
    dry-equalizer (0.3.0)
    dry-initializer (3.0.4)
    minitest (5.14.2)
    parallel (1.20.0)
    parser (2.7.2.0)
      ast (~> 2.4.1)
    rainbow (3.0.0)
    rake (12.3.3)
    regexp_parser (1.8.2)
    rexml (3.2.3)
    rubocop (1.3.0)
      parallel (~> 1.10)
      parser (>= 2.7.1.5)
      rainbow (>= 2.2.2, < 4.0)
      regexp_parser (>= 1.8)
      rexml
      rubocop-ast (>= 1.1.1)
      ruby-progressbar (~> 1.7)
      unicode-display_width (>= 1.4.0, < 2.0)
    rubocop-ast (1.1.1)
      parser (>= 2.7.1.5)
    ruby-progressbar (1.10.1)
    unicode-display_width (1.7.0)

PLATFORMS
  ruby

DEPENDENCIES
  biblio-domain!
  dry-initializer
  minitest (~> 5.0)
  rake (~> 12.0)
  rubocop

BUNDLED WITH
   2.1.4
